GEM
  remote: https://rubygems.org/
  specs:
    builder (3.2.4)
    json (2.6.3)
    nokogiri (1.14.1-x86_64-linux)
      racc (~> 1.4)
    optimist (3.0.1)
    racc (1.6.2)
    rbvmomi2 (3.6.0)
      builder (~> 3.2)
      json (~> 2.3)
      nokogiri (~> 1.12, >= 1.12.5)
      optimist (~> 3.0)

PLATFORMS
  x86_64-linux

DEPENDENCIES
  rbvmomi2

BUNDLED WITH
   2.3.26
